GEM
  remote: https://rubygems.org/
  specs:
    byebug (8.2.2)
    docile (1.1.5)
    json (1.8.3)
    minitest (5.8.3)
    shoulda-context (1.2.1)
    simplecov (0.11.2)
      docile (~> 1.1.0)
      json (~> 1.8)
      simplecov-html (~> 0.10.0)
    simplecov-html (0.10.0)

PLATFORMS
  ruby

DEPENDENCIES
  byebug
  minitest
  shoulda-context
  simplecov

BUNDLED WITH
   1.11.2
